PATH
  remote: .
  specs:
    em-synchrony-couchdb (0.1.2)
      em-http-request (>= 1.1.0)
      em-synchrony (>= 1.0.3)
      json (>= 1.4.3)

GEM
  remote: https://rubygems.org/
  specs:
    addressable (2.3.5)
    cookiejar (0.3.0)
    em-http-request (1.1.0)
      addressable (>= 2.3.4)
      cookiejar
      em-socksify (>= 0.3)
      eventmachine (>= 1.0.3)
      http_parser.rb (>= 0.6.0.beta.2)
    em-socksify (0.3.0)
      eventmachine (>= 1.0.0.beta.4)
    em-synchrony (1.0.3)
      eventmachine (>= 1.0.0.beta.1)
    eventmachine (1.0.3)
    http_parser.rb (0.6.0.beta.2)
    json (1.8.0)
    rake (0.9.6)

PLATFORMS
  ruby

DEPENDENCIES
  em-synchrony-couchdb!
  rake
